GEM
  remote: https://rubygems.org/
  specs:
    bson (4.2.2)
    bson_ext (1.5.1)
    byebug (9.1.0)
    colored (1.2)
    diff-lcs (1.3)
    mongo (2.4.3)
      bson (>= 4.2.1, < 5.0.0)
    rspec (3.7.0)
      rspec-core (~> 3.7.0)
      rspec-expectations (~> 3.7.0)
      rspec-mocks (~> 3.7.0)
    rspec-core (3.7.0)
      rspec-support (~> 3.7.0)
    rspec-expectations (3.7.0)
      diff-lcs (>= 1.2.0, < 2.0)
      rspec-support (~> 3.7.0)
    rspec-mocks (3.7.0)
      diff-lcs (>= 1.2.0, < 2.0)
      rspec-support (~> 3.7.0)
    rspec-support (3.7.0)

PLATFORMS
  ruby

DEPENDENCIES
  bson_ext
  byebug
  colored
  mongo (~> 2.0)
  rspec

BUNDLED WITH
   1.13.5
